PATH
  remote: .
  specs:
    pdf-img-grid (0.0.2)

GEM
  remote: https://rubygems.org/
  specs:
    pdf-core (0.4.0)
    prawn (1.3.0)
      pdf-core (~> 0.4.0)
      ttfunk (~> 1.4.0)
    prawn-table (0.2.1)
    rake (10.0.4)
    ttfunk (1.4.0)

PLATFORMS
  ruby

DEPENDENCIES
  bundler (~> 1.3)
  pdf-img-grid!
  prawn
  prawn-table
  rake
